GEM
  remote: https://rubygems.org/
  specs:
    bourbon (4.2.0)
      sass (~> 3.4)
      thor
    sass (3.4.11)
    thor (0.19.1)

PLATFORMS
  ruby

DEPENDENCIES
  bourbon
  sass (~> 3.3)
